GEM
  remote: https://rubygems.org/
  specs:
    actioncable (6.0.3.1)
      actionpack (= 6.0.3.1)
      nio4r (~> 2.0)
      websocket-driver (>= 0.6.1)
    actionmailbox (6.0.3.1)
      actionpack (= 6.0.3.1)
      activejob (= 6.0.3.1)
      activerecord (= 6.0.3.1)
      activestorage (= 6.0.3.1)
      activesupport (= 6.0.3.1)
      mail (>= 2.7.1)
    actionmailer (6.0.3.1)
      actionpack (= 6.0.3.1)
      actionview (= 6.0.3.1)
      activejob (= 6.0.3.1)
      mail (~> 2.5, >= 2.5.4)
      rails-dom-testing (~> 2.0)
    actionpack (6.0.3.1)
      actionview (= 6.0.3.1)
      activesupport (= 6.0.3.1)
      rack (~> 2.0, >= 2.0.8)
      rack-test (>= 0.6.3)
      rails-dom-testing (~> 2.0)
      rails-html-sanitizer (~> 1.0, >= 1.2.0)
    actiontext (6.0.3.1)
      actionpack (= 6.0.3.1)
      activerecord (= 6.0.3.1)
      activestorage (= 6.0.3.1)
      activesupport (= 6.0.3.1)
      nokogiri (>= 1.8.5)
    actionview (6.0.3.1)
      activesupport (= 6.0.3.1)
      builder (~> 3.1)
      erubi (~> 1.4)
      rails-dom-testing (~> 2.0)
      rails-html-sanitizer (~> 1.1, >= 1.2.0)
    activejob (6.0.3.1)
      activesupport (= 6.0.3.1)
      globalid (>= 0.3.6)
    activemodel (6.0.3.1)
      activesupport (= 6.0.3.1)
    activerecord (6.0.3.1)
      activemodel (= 6.0.3.1)
      activesupport (= 6.0.3.1)
    activestorage (6.0.3.1)
      actionpack (= 6.0.3.1)
      activejob (= 6.0.3.1)
      activerecord (= 6.0.3.1)
      marcel (~> 0.3.1)
    activesupport (6.0.3.1)
      concurrent-ruby (~> 1.0, >= 1.0.2)
      i18n (>= 0.7, < 2)
      minitest (~> 5.1)
      tzinfo (~> 1.1)
      zeitwerk (~> 2.2, >= 2.2.2)
    addressable (2.7.0)
      public_suffix (>= 2.0.2, < 5.0)
    aes_key_wrap (1.0.1)
    ast (2.4.0)
    attr_required (1.0.1)
    awesome_print (1.8.0)
    bindata (2.4.7)
    bootsnap (1.4.6)
      msgpack (~> 1.0)
    brakeman (4.8.2)
    builder (3.2.4)
    byebug (11.1.3)
    capybara (3.32.2)
      addressable
      mini_mime (>= 0.1.3)
      nokogiri (~> 1.8)
      rack (>= 1.6.0)
      rack-test (>= 0.6.3)
      regexp_parser (~> 1.5)
      xpath (~> 3.2)
    childprocess (3.0.0)
    coderay (1.1.3)
    concurrent-ruby (1.1.6)
    connection_pool (2.2.3)
    crass (1.0.6)
    diff-lcs (1.3)
    docile (1.3.2)
    domain_name (0.5.20190701)
      unf (>= 0.0.5, < 1.0.0)
    dotenv (2.7.5)
    dotenv-rails (2.7.5)
      dotenv (= 2.7.5)
      railties (>= 3.2, < 6.1)
    erubi (1.9.0)
    factory_bot (5.2.0)
      activesupport (>= 4.2.0)
    factory_bot_rails (5.2.0)
      factory_bot (~> 5.2.0)
      railties (>= 4.2.0)
    faraday (1.0.1)
      multipart-post (>= 1.2, < 3)
    ffi (1.13.1)
    gds-api-adapters (67.0.0)
      addressable
      link_header
      null_logger
      plek (>= 1.9.0)
      rack-cache
      rest-client (~> 2.0)
    geocoder (1.6.3)
    globalid (0.4.2)
      activesupport (>= 4.2.0)
    govuk_app_config (2.2.0)
      logstasher (>= 1.2.2, < 1.4.0)
      sentry-raven (>= 2.7.1, < 3.1.0)
      statsd-ruby (~> 1.4.0)
      unicorn (>= 5.4, < 5.6)
    govuk_publishing_components (21.55.2)
      gds-api-adapters
      govuk_app_config
      kramdown
      plek
      rails (>= 5.0.0.1)
      rake
      rouge
      sprockets (< 4)
    govuk_test (1.0.3)
      brakeman (~> 4.6)
      capybara
      puma
      selenium-webdriver (>= 3.142)
      webdrivers (>= 4)
    hashie (4.1.0)
    http-accept (1.7.0)
    http-cookie (1.0.3)
      domain_name (~> 0.5)
    httparty (0.18.1)
      mime-types (~> 3.0)
      multi_xml (>= 0.5.2)
    httpclient (2.8.3)
    i18n (1.8.3)
      concurrent-ruby (~> 1.0)
    json-jwt (1.13.0)
      activesupport (>= 4.2)
      aes_key_wrap
      bindata
    jwt (2.2.1)
    keycloak-admin (0.7.5)
      http-cookie (~> 1.0, >= 1.0.3)
      rest-client (~> 2.0)
    kgio (2.11.3)
    kramdown (2.2.1)
      rexml
    link_header (0.0.8)
    listen (3.2.1)
      rb-fsevent (~> 0.10, >= 0.10.3)
      rb-inotify (~> 0.9, >= 0.9.10)
    logstash-event (1.2.02)
    logstasher (1.3.0)
      activesupport (>= 4.0)
      logstash-event (~> 1.2.0)
      request_store
    loofah (2.5.0)
      crass (~> 1.0.2)
      nokogiri (>= 1.5.9)
    mail (2.7.1)
      mini_mime (>= 0.1.1)
    marcel (0.3.3)
      mimemagic (~> 0.3.2)
    method_source (1.0.0)
    mime-types (3.3.1)
      mime-types-data (~> 3.2015)
    mime-types-data (3.2020.0512)
    mimemagic (0.3.5)
    mini_mime (1.0.2)
    mini_portile2 (2.4.0)
    minitest (5.14.1)
    msgpack (1.3.3)
    multi_xml (0.6.0)
    multipart-post (2.1.1)
    netrc (0.11.0)
    nio4r (2.5.2)
    nokogiri (1.10.9)
      mini_portile2 (~> 2.4.0)
    notifications-ruby-client (5.1.2)
      jwt (>= 1.5, < 3)
    null_logger (0.0.1)
    omniauth (1.9.1)
      hashie (>= 3.4.6)
      rack (>= 1.6.2, < 3)
    openid_connect (1.2.0)
      activemodel
      attr_required (>= 1.0.0)
      json-jwt (>= 1.5.0)
      rack-oauth2 (>= 1.6.1)
      swd (>= 1.0.0)
      tzinfo
      validate_email
      validate_url
      webfinger (>= 1.0.1)
    parallel (1.19.1)
    parser (2.7.1.3)
      ast (~> 2.4.0)
    plek (3.0.0)
    pry (0.13.1)
      coderay (~> 1.1)
      method_source (~> 1.0)
    pry-rails (0.3.9)
      pry (>= 0.10.4)
    public_suffix (4.0.5)
    puma (4.3.5)
      nio4r (~> 2.0)
    rack (2.2.3)
    rack-cache (1.12.0)
      rack (>= 0.4)
    rack-oauth2 (1.14.0)
      activesupport
      attr_required
      httpclient
      json-jwt (>= 1.11.0)
      rack (>= 2.1.0)
    rack-protection (2.0.8.1)
      rack
    rack-test (1.1.0)
      rack (>= 1.0, < 3)
    rails (6.0.3.1)
      actioncable (= 6.0.3.1)
      actionmailbox (= 6.0.3.1)
      actionmailer (= 6.0.3.1)
      actionpack (= 6.0.3.1)
      actiontext (= 6.0.3.1)
      actionview (= 6.0.3.1)
      activejob (= 6.0.3.1)
      activemodel (= 6.0.3.1)
      activerecord (= 6.0.3.1)
      activestorage (= 6.0.3.1)
      activesupport (= 6.0.3.1)
      bundler (>= 1.3.0)
      railties (= 6.0.3.1)
      sprockets-rails (>= 2.0.0)
    rails-dom-testing (2.0.3)
      activesupport (>= 4.2.0)
      nokogiri (>= 1.6)
    rails-html-sanitizer (1.3.0)
      loofah (~> 2.3)
    railties (6.0.3.1)
      actionpack (= 6.0.3.1)
      activesupport (= 6.0.3.1)
      method_source
      rake (>= 0.8.7)
      thor (>= 0.20.3, < 2.0)
    rainbow (3.0.0)
    raindrops (0.19.1)
    rake (13.0.1)
    rb-fsevent (0.10.4)
    rb-inotify (0.10.1)
      ffi (~> 1.0)
    redis (4.2.0)
    regexp_parser (1.7.1)
    request_store (1.5.0)
      rack (>= 1.4)
    rest-client (2.1.0)
      http-accept (>= 1.7.0, < 2.0)
      http-cookie (>= 1.0.2, < 2.0)
      mime-types (>= 1.16, < 4.0)
      netrc (~> 0.8)
    rexml (3.2.4)
    rouge (3.20.0)
    rspec-core (3.9.2)
      rspec-support (~> 3.9.3)
    rspec-expectations (3.9.2)
      diff-lcs (>= 1.2.0, < 2.0)
      rspec-support (~> 3.9.0)
    rspec-mocks (3.9.1)
      diff-lcs (>= 1.2.0, < 2.0)
      rspec-support (~> 3.9.0)
    rspec-rails (4.0.1)
      actionpack (>= 4.2)
      activesupport (>= 4.2)
      railties (>= 4.2)
      rspec-core (~> 3.9)
      rspec-expectations (~> 3.9)
      rspec-mocks (~> 3.9)
      rspec-support (~> 3.9)
    rspec-support (3.9.3)
    rubocop (0.85.0)
      parallel (~> 1.10)
      parser (>= 2.7.0.1)
      rainbow (>= 2.2.2, < 4.0)
      regexp_parser (>= 1.7)
      rexml
      rubocop-ast (>= 0.0.3)
      ruby-progressbar (~> 1.7)
      unicode-display_width (>= 1.4.0, < 2.0)
    rubocop-ast (0.0.3)
      parser (>= 2.7.0.1)
    rubocop-govuk (3.15.0)
      rubocop (= 0.85.0)
      rubocop-rails (~> 2)
      rubocop-rake (~> 0.5.1)
      rubocop-rspec (~> 1.28)
    rubocop-rails (2.6.0)
      activesupport (>= 4.2.0)
      rack (>= 1.1)
      rubocop (>= 0.82.0)
    rubocop-rake (0.5.1)
      rubocop
    rubocop-rspec (1.39.0)
      rubocop (>= 0.68.1)
    ruby-progressbar (1.10.1)
    rubyzip (2.3.0)
    sass (3.7.4)
      sass-listen (~> 4.0.0)
    sass-listen (4.0.0)
      rb-fsevent (~> 0.9, >= 0.9.4)
      rb-inotify (~> 0.9, >= 0.9.7)
    sass-rails (5.0.8)
      railties (>= 5.2.0)
      sass (~> 3.1)
      sprockets (>= 2.8, < 4.0)
      sprockets-rails (>= 2.0, < 4.0)
      tilt (>= 1.1, < 3)
    selenium-webdriver (3.142.7)
      childprocess (>= 0.5, < 4.0)
      rubyzip (>= 1.2.2)
    sentry-raven (3.0.0)
      faraday (>= 1.0)
    sidekiq (6.0.7)
      connection_pool (>= 2.2.2)
      rack (~> 2.0)
      rack-protection (>= 2.0.0)
      redis (>= 4.1.0)
    simplecov (0.18.5)
      docile (~> 1.1)
      simplecov-html (~> 0.11)
    simplecov-html (0.12.2)
    sprockets (3.7.2)
      concurrent-ruby (~> 1.0)
      rack (> 1, < 3)
    sprockets-rails (3.2.1)
      actionpack (>= 4.0)
      activesupport (>= 4.0)
      sprockets (>= 3.0.0)
    statsd-ruby (1.4.0)
    swd (1.2.0)
      activesupport (>= 3)
      attr_required (>= 0.0.5)
      httpclient (>= 2.4)
    thor (1.0.1)
    thread_safe (0.3.6)
    tilt (2.0.10)
    timecop (0.9.1)
    tzinfo (1.2.7)
      thread_safe (~> 0.1)
    unf (0.1.4)
      unf_ext
    unf_ext (0.0.7.7)
    unicode-display_width (1.7.0)
    unicorn (5.5.5)
      kgio (~> 2.6)
      raindrops (~> 0.7)
    validate_email (0.1.6)
      activemodel (>= 3.0)
      mail (>= 2.2.5)
    validate_url (1.0.11)
      activemodel (>= 3.0.0)
      public_suffix
    webdrivers (4.4.1)
      nokogiri (~> 1.6)
      rubyzip (>= 1.3.0)
      selenium-webdriver (>= 3.0, < 4.0)
    webfinger (1.1.0)
      activesupport
      httpclient (>= 2.4)
    websocket-driver (0.7.2)
      websocket-extensions (>= 0.1.0)
    websocket-extensions (0.1.5)
    xpath (3.2.0)
      nokogiri (~> 1.8)
    zeitwerk (2.3.0)

PLATFORMS
  ruby

DEPENDENCIES
  awesome_print
  bootsnap (>= 1.4.2)
  byebug
  dotenv-rails
  factory_bot_rails
  geocoder
  govuk_publishing_components (= 21.55.2)
  govuk_test (~> 1.0)
  httparty
  keycloak-admin (= 0.7.5)
  listen (~> 3.2)
  notifications-ruby-client (~> 5.1)
  omniauth
  openid_connect
  pry-rails
  puma (~> 4.1)
  rails (~> 6.0.3, >= 6.0.3.1)
  railties
  rspec-rails
  rubocop-govuk
  sass-rails (~> 5.0.8)
  sidekiq (~> 6.0)
  simplecov
  sprockets-rails
  timecop

RUBY VERSION
   ruby 2.7.1p83

BUNDLED WITH
   2.1.4
